GEM
  remote: https://rubygems.org/
  specs:
    backports (3.6.8)
    builder (3.2.2)
    json (1.8.3)
    jwt (1.5.6)
    multi_json (1.12.1)
    open-weather (0.12.0)
      json (~> 1)
    rack (1.6.4)
    rack-flash3 (1.0.5)
      rack
    rack-protection (1.5.3)
      rack
    rack-test (0.6.3)
      rack (>= 1.0)
    sinatra (1.4.7)
      rack (~> 1.5)
      rack-protection (~> 1.4)
      tilt (>= 1.3, < 3)
    sinatra-contrib (1.4.7)
      backports (>= 2.0)
      multi_json
      rack-protection
      rack-test
      sinatra (~> 1.4.0)
      tilt (>= 1.3, < 3)
    tilt (2.0.5)
    twilio-ruby (4.13.0)
      builder (>= 2.1.2)
      jwt (~> 1.0)
      multi_json (>= 1.3.0)
    wikipedia-client (1.6.3)

PLATFORMS
  ruby

DEPENDENCIES
  open-weather
  rack-flash3
  sinatra
  sinatra-contrib
  twilio-ruby
  wikipedia-client

RUBY VERSION
   ruby 2.3.0p0

BUNDLED WITH
   1.13.2
